GEM
  remote: http://rubygems.org/
  specs:
    chunky_png (1.2.8)
    classifier (1.3.3)
      fast-stemmer (>= 1.0.0)
    coderay (1.0.9)
    compass (0.12.2)
      chunky_png (~> 1.2)
      fssm (>= 0.2.7)
      sass (~> 3.1)
    directory_watcher (1.5.1)
    fast-stemmer (1.0.2)
    foreman (0.62.0)
      thor (>= 0.13.6)
    formatador (0.2.4)
    fssm (0.2.10)
    guard (1.7.0)
      formatador (>= 0.2.4)
      listen (>= 0.6.0)
      lumberjack (>= 1.0.2)
      pry (>= 0.9.10)
      thor (>= 0.14.6)
    guard-compass (0.0.6)
      compass (>= 0.10.5)
      guard (>= 0.2.1)
    guard-jekyll (0.2.1)
      guard (>= 1.1.0)
      jekyll
    jekyll (0.12.1)
      classifier (~> 1.3)
      directory_watcher (~> 1.1)
      kramdown (~> 0.14)
      liquid (~> 2.3)
      maruku (~> 0.5)
      pygments.rb (~> 0.3.2)
    kramdown (0.14.2)
    liquid (2.5.0)
    listen (0.7.3)
    lumberjack (1.0.3)
    maruku (0.6.1)
      syntax (>= 1.0.0)
    method_source (0.8.1)
    posix-spawn (0.3.6)
    pry (0.9.12)
      coderay (~> 1.0.5)
      method_source (~> 0.8)
      slop (~> 3.4)
    pygments.rb (0.3.7)
      posix-spawn (~> 0.3.6)
      yajl-ruby (~> 1.1.0)
    rb-fsevent (0.9.3)
    sass (3.2.7)
    slop (3.4.4)
    syntax (1.0.0)
    thor (0.18.1)
    yajl-ruby (1.1.0)

PLATFORMS
  ruby

DEPENDENCIES
  compass
  foreman
  guard
  guard-compass
  guard-jekyll
  jekyll
  rb-fsevent (~> 0.9)
